GEM
  remote: https://rubygems.org/
  specs:
    activemodel (4.2.0.rc2)
      activesupport (= 4.2.0.rc2)
      builder (~> 3.1)
    activerecord (4.2.0.rc2)
      activemodel (= 4.2.0.rc2)
      activesupport (= 4.2.0.rc2)
      arel (~> 6.0)
    activesupport (4.2.0.rc2)
      i18n (>= 0.7.0.beta1, < 0.8)
      json (~> 1.7, >= 1.7.7)
      minitest (~> 5.1)
      thread_safe (~> 0.1)
      tzinfo (~> 1.1)
    arel (6.0.0)
    builder (3.2.2)
    daemons (1.1.9)
    eventmachine (1.0.3)
    i18n (0.7.0.beta1)
    json (1.8.1)
    minitest (5.4.3)
    rack (1.5.2)
    sails (0.1.0)
      activesupport (>= 3.2.0)
      thor
      thrift (>= 0.9.0)
    thin (1.6.3)
      daemons (~> 1.0, >= 1.0.9)
      eventmachine (~> 1.0)
      rack (~> 1.0)
    thor (0.19.1)
    thread_safe (0.3.4)
    thrift (0.9.2.0)
    tzinfo (1.2.2)
      thread_safe (~> 0.1)

PLATFORMS
  ruby

DEPENDENCIES
  activerecord (~> 4.2.0.rc2)
  sails
  thin
